GEM
  remote: https://rubygems.org/
  specs:
    power_assert (0.2.3)
    rake (0.9.2.2)
    test-unit (3.0.9)
      power_assert

PLATFORMS
  ruby

DEPENDENCIES
  rake
  test-unit
