GEM
  remote: https://rubygems.org/
  specs:
    addressable (2.3.7)
    cron_for_github (1.0.0)
      octokit
      thor
    faraday (0.9.1)
      multipart-post (>= 1.2, < 3)
    multipart-post (2.0.0)
    octokit (3.8.0)
      sawyer (~> 0.6.0, >= 0.5.3)
    power_assert (0.2.3)
    rake (0.9.2.2)
    sawyer (0.6.0)
      addressable (~> 2.3.5)
      faraday (~> 0.8, < 0.10)
    test-unit (3.0.9)
      power_assert
    thor (0.19.1)

PLATFORMS
  ruby

DEPENDENCIES
  cron_for_github
  rake
  test-unit
